GEM
  remote: https://rubygems.org/
  specs:
    byebug (11.1.3)
    paint (2.2.0)
    require_all (3.0.0)

PLATFORMS
  ruby

DEPENDENCIES
  byebug!
  paint!
  require_all!

BUNDLED WITH
   1.17.3
